PATH
  remote: .
  specs:
    taskinator (0.4.3)
      builder (>= 3.2.2)
      connection_pool (>= 2.2.0)
      globalid (~> 0.3)
      json (>= 1.8.2)
      redis (>= 3.2.1)
      redis-namespace (>= 1.5.2)
      statsd-ruby (~> 1.4.0)
      thwait (~> 0.2)

GEM
  remote: https://rubygems.org/
  specs:
    activesupport (5.2.6)
      concurrent-ruby (~> 1.0, >= 1.0.2)
      i18n (>= 0.7, < 2)
      minitest (~> 5.1)
      tzinfo (~> 1.1)
    builder (3.2.4)
    byebug (11.1.3)
    coderay (1.1.3)
    concurrent-ruby (1.1.9)
    connection_pool (2.2.5)
    coveralls (0.8.23)
      json (>= 1.8, < 3)
      simplecov (~> 0.16.1)
      term-ansicolor (~> 1.3)
      thor (>= 0.19.4, < 2.0)
      tins (~> 1.6)
    delayed_job (4.1.9)
      activesupport (>= 3.0, < 6.2)
    diff-lcs (1.5.0)
    docile (1.4.0)
    e2mmap (0.1.0)
    fakeredis (0.7.0)
      redis (>= 3.2, < 5.0)
    globalid (0.6.0)
      activesupport (>= 5.0)
    i18n (1.8.11)
      concurrent-ruby (~> 1.0)
    json (2.6.1)
    method_source (1.0.0)
    minitest (5.15.0)
    mono_logger (1.1.1)
    multi_json (1.15.0)
    mustermann (1.1.1)
      ruby2_keywords (~> 0.0.1)
    pry (0.14.1)
      coderay (~> 1.1)
      method_source (~> 1.0)
    pry-byebug (3.8.0)
      byebug (~> 11.0)
      pry (~> 0.10)
    rack (2.2.3)
    rack-protection (2.1.0)
      rack
    rake (13.0.6)
    redis (4.5.1)
    redis-namespace (1.8.1)
      redis (>= 3.0.4)
    resque (2.2.0)
      mono_logger (~> 1.0)
      multi_json (~> 1.0)
      redis-namespace (~> 1.6)
      sinatra (>= 0.9.2)
      vegas (~> 0.1.2)
    resque_spec (0.18.1)
      resque (>= 1.26.0)
      rspec-core (>= 3.0.0)
      rspec-expectations (>= 3.0.0)
      rspec-mocks (>= 3.0.0)
    rspec (3.10.0)
      rspec-core (~> 3.10.0)
      rspec-expectations (~> 3.10.0)
      rspec-mocks (~> 3.10.0)
    rspec-core (3.10.1)
      rspec-support (~> 3.10.0)
    rspec-expectations (3.10.1)
      diff-lcs (>= 1.2.0, < 2.0)
      rspec-support (~> 3.10.0)
    rspec-mocks (3.10.2)
      diff-lcs (>= 1.2.0, < 2.0)
      rspec-support (~> 3.10.0)
    rspec-sidekiq (3.1.0)
      rspec-core (~> 3.0, >= 3.0.0)
      sidekiq (>= 2.4.0)
    rspec-support (3.10.3)
    ruby2_keywords (0.0.5)
    sidekiq (6.3.1)
      connection_pool (>= 2.2.2)
      rack (~> 2.0)
      redis (>= 4.2.0)
    simplecov (0.16.1)
      docile (~> 1.1)
      json (>= 1.8, < 3)
      simplecov-html (~> 0.10.0)
    simplecov-html (0.10.2)
    sinatra (2.1.0)
      mustermann (~> 1.0)
      rack (~> 2.2)
      rack-protection (= 2.1.0)
      tilt (~> 2.0)
    statsd-ruby (1.4.0)
    sync (0.5.0)
    term-ansicolor (1.7.1)
      tins (~> 1.0)
    thor (1.2.1)
    thread_safe (0.3.6)
    thwait (0.2.0)
      e2mmap
    tilt (2.0.10)
    tins (1.31.0)
      sync
    tzinfo (1.2.9)
      thread_safe (~> 0.1)
    vegas (0.1.11)
      rack (>= 1.0.0)

PLATFORMS
  ruby

DEPENDENCIES
  activesupport (~> 5.2.0)
  bundler (>= 1.6.0)
  coveralls (>= 0.8.22)
  delayed_job (~> 4.1.0)
  fakeredis (~> 0.7.0)
  pry (>= 0.9.0)
  pry-byebug (>= 1.3.0)
  rake (>= 10.3.0)
  resque (>= 1.25.2)
  resque_spec (>= 0.16.0)
  rspec
  rspec-sidekiq (>= 2.1.0)
  sidekiq (>= 3.5.0)
  taskinator!

BUNDLED WITH
   2.2.14
